GEM
  remote: http://rubygems.org/
  specs:
    diff-lcs (1.2.4)
    mini_portile2 (2.4.0)
    nokogiri (1.10.8)
      mini_portile2 (~> 2.4.0)
    rspec (2.14.1)
      rspec-core (~> 2.14.0)
      rspec-expectations (~> 2.14.0)
      rspec-mocks (~> 2.14.0)
    rspec-core (2.14.4)
    rspec-expectations (2.14.1)
      diff-lcs (>= 1.1.3, < 2.0)
    rspec-mocks (2.14.3)
    rubyzip (1.3.0)
    yard (0.9.20)

PLATFORMS
  ruby

DEPENDENCIES
  nokogiri (>= 1.10.4)
  rspec (~> 2.14.1)
  rubyzip (>= 1.2.2)
  yard (>= 0.9.20)

BUNDLED WITH
   1.16.6
